PATH
  remote: .
  specs:
    gitalytics (1.3.1)
      color-generator

GEM
  remote: https://rubygems.org/
  specs:
    color-generator (0.0.4)
    coveralls (0.7.0)
      multi_json (~> 1.3)
      rest-client
      simplecov (>= 0.7)
      term-ansicolor
      thor
    docile (1.1.2)
    mime-types (2.0)
    minitest (5.9.0)
    multi_json (1.8.4)
    rake (10.1.0)
    rest-client (1.6.7)
      mime-types (>= 1.16)
    simplecov (0.8.2)
      docile (~> 1.1.0)
      multi_json
      simplecov-html (~> 0.8.0)
    simplecov-html (0.8.0)
    term-ansicolor (1.2.2)
      tins (~> 0.8)
    thor (0.18.1)
    tins (0.13.1)

PLATFORMS
  ruby

DEPENDENCIES
  bundler (~> 1.7)
  coveralls
  gitalytics!
  minitest
  rake

BUNDLED WITH
   1.10.6
